PATH
  remote: .
  specs:
    pattern (0.0.1)
      mustache

GEM
  remote: http://ruby.taobao.org/
  specs:
    ansi (1.4.2)
    diff-lcs (1.1.3)
    ffi (1.0.11)
    guard (1.0.0)
      ffi (>= 0.5.0)
      thor (~> 0.14.6)
    guard-rspec (0.6.0)
      guard (>= 0.10.0)
    libnotify (0.7.2)
      ffi (~> 1.0.0)
    mustache (0.99.4)
    rake (0.9.2.2)
    rspec (2.8.0)
      rspec-core (~> 2.8.0)
      rspec-expectations (~> 2.8.0)
      rspec-mocks (~> 2.8.0)
    rspec-core (2.8.0)
    rspec-expectations (2.8.0)
      diff-lcs (~> 1.1.2)
    rspec-mocks (2.8.0)
    thor (0.14.6)
    turn (0.9.2)
      ansi

PLATFORMS
  ruby

DEPENDENCIES
  guard
  guard-rspec
  libnotify
  mustache
  pattern!
  rake
  rspec
  turn
